GEM
  remote: https://rubygems.org/
  specs:
    backport (1.2.0)
    diff-lcs (1.4.4)
    liquid (5.1.0)
    readapt (1.4.3)
      backport (~> 1.2)
      thor (~> 1.0)
    rspec (3.10.0)
      rspec-core (~> 3.10.0)
      rspec-expectations (~> 3.10.0)
      rspec-mocks (~> 3.10.0)
    rspec-core (3.10.1)
      rspec-support (~> 3.10.0)
    rspec-expectations (3.10.1)
      diff-lcs (>= 1.2.0, < 2.0)
      rspec-support (~> 3.10.0)
    rspec-mocks (3.10.2)
      diff-lcs (>= 1.2.0, < 2.0)
      rspec-support (~> 3.10.0)
    rspec-support (3.10.2)
    thor (1.1.0)

PLATFORMS
  x86_64-darwin-20

DEPENDENCIES
  liquid
  readapt
  rspec

BUNDLED WITH
   2.2.29
